GIT
  remote: git@github.com:88cartell/eightyeightpages_client.git
  revision: 6710b6454d8b0fc4ab4cbd3cb2a0b3f267c5555e
  specs:
    eightyeightpages_client (0.0.2)
      httparty

GIT
  remote: https://github.com/rtomayko/tilt
  revision: 173ade03fb72ade7f3aed948e104e26de043f6cf
  specs:
    tilt (1.3.3)

GEM
  remote: http://rubygems.org/
  specs:
    RedCloth (4.2.9)
    activesupport (3.2.0)
      i18n (~> 0.6)
      multi_json (~> 1.0)
    haml (3.1.4)
    httparty (0.8.1)
      multi_json
      multi_xml
    i18n (0.6.0)
    json (1.6.5)
    multi_json (1.0.4)
    multi_xml (0.4.1)
    rack (1.4.1)
    rack-protection (1.2.0)
      rack
    sass (3.1.12)
    shotgun (0.9)
      rack (>= 1.0)
    sinatra (1.3.2)
      rack (~> 1.3, >= 1.3.6)
      rack-protection (~> 1.2)
      tilt (~> 1.3, >= 1.3.3)

PLATFORMS
  ruby

DEPENDENCIES
  RedCloth
  activesupport
  eightyeightpages_client!
  haml
  json
  sass
  shotgun
  sinatra
  tilt!
